GEM
  remote: https://rubygems.org/
  specs:
    dalli (3.2.1)
    rack (2.2.3.1)

PLATFORMS
  ruby

DEPENDENCIES
  dalli
  rack

BUNDLED WITH
   2.1.2
