GEM
  remote: https://rubygems.org/
  specs:
    dalli (3.2.4)
    rack (2.2.6.4)

PLATFORMS
  ruby

DEPENDENCIES
  dalli
  rack

BUNDLED WITH
   2.1.2
